GEM
  remote: http://rubygems.org/
  specs:
    cuba (3.0.0)
      rack
    haml (3.1.4)
    kgio (2.7.4)
    rack (1.4.1)
    raindrops (0.9.0)
    therubyracer-heroku (0.8.1.pre3)
    tilt (1.3.3)
    unicorn (4.3.1)
      kgio (~> 2.6)
      rack
      raindrops (~> 0.7)

PLATFORMS
  ruby

DEPENDENCIES
  cuba
  haml
  therubyracer-heroku
  tilt
  unicorn
